{
  "CapManufacturer": "EasyCap",
  "CapManufacturersModelName": "Standard 64Ch actiCAP slim",
  "ECGChannelCount": 0,
  "EEGChannelCount": 58,
  "EEGReference": "FCz",
  "EMGChannelCount": 2,
  "EOGChannelCount": 2,
  "EpochLength": 4422.625,
  "InstitutionAddress": "425 S University Ave, Philadelphia, PA 19104",
  "InstitutionName": "University of Pennsylvania",
  "InstitutionalDepartmentName": "Department of Psychology; Schapiro Lab",
  "MiscChannelCount": 3,
  "PowerLineFrequency": 60,
  "RecordingDuration": 4422.625,
  "SamplingFrequency": 512,
  "SoftwareFilters": "n/a",
  "TaskDescription": "Subjects performed a category learning task before taking a nap in the lab where TMR was administered. Data is from nap.",
  "TaskName": "Siefert2024",
  "TriggerChannelCount": 0
}